GEM
  remote: https://rubygems.org/
  specs:
    ast (2.4.0)
    classifier (1.3.4)
      fast-stemmer (>= 1.0.0)
    fast-stemmer (1.0.2)
    gsl (2.1.0.3)
    json (2.1.0)
    mecab (0.996)
    minitest (5.11.3)
    parallel (1.12.1)
    parser (2.5.1.0)
      ast (~> 2.4.0)
    powerpack (0.1.1)
    rainbow (3.0.0)
    rb-gsl (1.16.0.6)
      gsl
    rubocop (0.54.0)
      parallel (~> 1.10)
      parser (>= 2.5)
      powerpack (~> 0.1)
      rainbow (>= 2.2.2, < 4.0)
      ruby-progressbar (~> 1.7)
      unicode-display_width (~> 1.0, >= 1.0.1)
    ruby-progressbar (1.9.0)
    unicode-display_width (1.3.0)

PLATFORMS
  ruby

DEPENDENCIES
  classifier
  json
  mecab
  minitest
  rb-gsl
  rubocop

BUNDLED WITH
   1.16.1
